GEM
  remote: https://rubygems.org/
  specs:
    arkana (2.0.0)
      dotenv (~> 2.7)
      rainbow (~> 3.1.1)
      yaml (~> 0.2)
    dotenv (2.8.1)
    rainbow (3.1.1)
    yaml (0.3.0)

PLATFORMS
  arm64-darwin-23

DEPENDENCIES
  arkana (= 2.0.0)
  dotenv (~> 2.8.1)

RUBY VERSION
   ruby 3.1.2p20

BUNDLED WITH
   2.3.7
